PATH
  remote: .
  specs:
    sentiment_insights (0.1.0)
      aws-sdk-comprehend (>= 1.98.0)
      sentimental (~> 1.4.0)

GEM
  remote: https://rubygems.org/
  specs:
    aws-eventstream (1.3.2)
    aws-partitions (1.1094.0)
    aws-sdk-comprehend (1.98.0)
      aws-sdk-core (~> 3, >= 3.216.0)
      aws-sigv4 (~> 1.5)
    aws-sdk-core (3.222.3)
      aws-eventstream (~> 1, >= 1.3.0)
      aws-partitions (~> 1, >= 1.992.0)
      aws-sigv4 (~> 1.9)
      base64
      jmespath (~> 1, >= 1.6.1)
      logger
    aws-sigv4 (1.11.0)
      aws-eventstream (~> 1, >= 1.0.2)
    base64 (0.2.0)
    diff-lcs (1.6.1)
    dotenv (2.8.1)
    jmespath (1.6.2)
    logger (1.7.0)
    rake (13.2.1)
    rspec (3.13.0)
      rspec-core (~> 3.13.0)
      rspec-expectations (~> 3.13.0)
      rspec-mocks (~> 3.13.0)
    rspec-core (3.13.3)
      rspec-support (~> 3.13.0)
    rspec-expectations (3.13.3)
      diff-lcs (>= 1.2.0, < 2.0)
      rspec-support (~> 3.13.0)
    rspec-mocks (3.13.2)
      diff-lcs (>= 1.2.0, < 2.0)
      rspec-support (~> 3.13.0)
    rspec-support (3.13.2)
    sentimental (1.4.1)

PLATFORMS
  arm64-darwin-24

DEPENDENCIES
  bundler (~> 2.0)
  dotenv (~> 2.8)
  rake (~> 13.0)
  rspec (~> 3.0)
  sentiment_insights!

BUNDLED WITH
   2.4.21
